PATH
  remote: .
  specs:
    containers (0.1.0)
      rainbow (~> 3.1.1)
      thor (~> 1.2.1)

GEM
  remote: https://rubygems.org/
  specs:
    byebug (11.1.3)
    coderay (1.1.3)
    method_source (1.0.0)
    minitest (5.16.2)
    pry (0.13.1)
      coderay (~> 1.1)
      method_source (~> 1.0)
    pry-byebug (3.9.0)
      byebug (~> 11.0)
      pry (~> 0.13.0)
    rainbow (3.1.1)
    rake (13.0.6)
    thor (1.2.1)

PLATFORMS
  arm64-darwin-21
  ruby

DEPENDENCIES
  containers!
  minitest (~> 5.0)
  pry
  pry-byebug
  rake (~> 13.0)

BUNDLED WITH
   2.3.17
